GEM
  remote: https://rubygems.org/
  specs:
    canonix (0.1.1)
    macaddr (1.6.1)
      systemu (~> 2.5.0)
    mini_portile (0.5.0)
    nokogiri (1.6.0)
      mini_portile (~> 0.5.0)
    ruby-saml (0.7.2)
      canonix (= 0.1.1)
      nokogiri
      uuid (~> 2.3)
    systemu (2.5.2)
    uuid (2.3.7)
      macaddr (~> 1.0)

PLATFORMS
  ruby

DEPENDENCIES
  ruby-saml
